GIT
  remote: https://github.com/riboseinc/asciidoctor-csd
  revision: b1779735ce750c4121a2317c81c558133559db9e
  specs:
    asciidoctor-csd (0.2.0)
      asciidoctor (~> 1.5.6)
      asciidoctor-iso
      asciimath
      htmlentities (~> 4.3.4)
      image_size
      isodoc
      mime-types
      nokogiri (~> 1.8.1)
      ruby-jing
      ruby-xslt
      thread_safe
      uuidtools

GIT
  remote: https://github.com/riboseinc/asciidoctor-iso
  revision: a0bc9794f77873d941310d1a13a4f3146be75a76
  specs:
    asciidoctor-iso (0.6.1)
      asciidoctor (~> 1.5.6)
      html2doc
      htmlentities (~> 4.3.4)
      isodoc
      nokogiri (= 1.8.1)
      ruby-jing
      thread_safe
      uuidtools

GIT
  remote: https://github.com/riboseinc/html2doc
  revision: 07b92a424b718a6f2c95242edfdbd35338ec024c
  specs:
    html2doc (0.6.2)
      asciimath
      htmlentities (~> 4.3.4)
      image_size
      mime-types
      nokogiri (~> 1.8.1)
      ruby-xslt
      thread_safe
      uuidtools

GIT
  remote: https://github.com/riboseinc/isodoc
  revision: 40bba4a994ffd07a709490133050cdda0152d317
  specs:
    isodoc (0.4.5)
      asciimath
      html2doc
      htmlentities (~> 4.3.4)
      image_size
      liquid
      mime-types
      nokogiri (= 1.8.1)
      ruby-xslt
      thread_safe
      uuidtools

GEM
  remote: https://rubygems.org/
  specs:
    asciidoctor (1.5.6.1)
    asciimath (1.0.4)
    htmlentities (4.3.4)
    image_size (1.5.0)
    liquid (4.0.0)
    mime-types (3.1)
      mime-types-data (~> 3.2015)
    mime-types-data (3.2016.0521)
    mini_portile2 (2.3.0)
    nokogiri (1.8.1)
      mini_portile2 (~> 2.3.0)
    optout (0.0.2)
    ruby-jing (0.0.1)
      optout (>= 0.0.2)
    ruby-xslt (0.9.10)
    thread_safe (0.3.6)
    uuidtools (2.1.5)

PLATFORMS
  ruby

DEPENDENCIES
  asciidoctor-csd!
  asciidoctor-iso!
  html2doc!
  isodoc!

BUNDLED WITH
   1.16.1
